PATH
  remote: .
  specs:
    twitterscraper-ruby (0.11.0)
      nokogiri
      parallel

GEM
  remote: https://rubygems.org/
  specs:
    mini_portile2 (2.4.0)
    minitest (5.14.1)
    nokogiri (1.10.10)
      mini_portile2 (~> 2.4.0)
    parallel (1.19.2)
    rake (12.3.3)

PLATFORMS
  ruby

DEPENDENCIES
  minitest (~> 5.0)
  rake (~> 12.0)
  twitterscraper-ruby!

BUNDLED WITH
   2.1.4
